GIT
  remote: https://github.com/ShreyanJain9/sinatra-asset-pipeline.git
  revision: 1e748f63abc10b9622bef9d3a89c7b0639e877d5
  specs:
    sinatra-asset-pipeline (2.2.1)
      coffee-script (~> 2.4)
      rake (>= 12.3, < 14)
      sass (~> 3.5)
      sinatra (~> 3.1.0)
      sprockets (~> 3.7)
      sprockets-helpers (~> 1.2)

GEM
  remote: https://rubygems.org/
  specs:
    ast (2.4.2)
    brotli (0.4.0)
    builder (3.2.4)
    coffee-script (2.4.1)
      coffee-script-source
      execjs
    coffee-script-source (1.12.2)
    concurrent-ruby (1.2.2)
    execjs (2.9.1)
    ffi (1.16.2)
    httparty (0.21.0)
      mini_mime (>= 1.0.0)
      multi_xml (>= 0.5.2)
    json (2.6.3)
    markaby (0.9.0)
      builder
    mini_mime (1.1.2)
    multi_json (1.15.0)
    multi_xml (0.6.0)
    mustermann (3.0.0)
      ruby2_keywords (~> 0.0.1)
    nio4r (2.5.9)
    parallel (1.23.0)
    parser (3.2.2.3)
      ast (~> 2.4.1)
      racc
    puma (6.4.0)
      nio4r (~> 2.0)
    racc (1.7.1)
    rack (2.2.7)
    rack-brotli (1.2.0)
      brotli (>= 0.1.7)
      rack (>= 1.4)
    rack-protection (3.1.0)
      rack (~> 2.2, >= 2.2.4)
    rainbow (3.1.1)
    rake (13.0.6)
    rb-fsevent (0.11.2)
    rb-inotify (0.10.1)
      ffi (~> 1.0)
    regexp_parser (2.8.0)
    rexml (3.2.5)
    rubocop (1.50.2)
      json (~> 2.3)
      parallel (~> 1.10)
      parser (>= 3.2.0.0)
      rainbow (>= 2.2.2, < 4.0)
      regexp_parser (>= 1.8, < 3.0)
      rexml (>= 3.2.5, < 4.0)
      rubocop-ast (>= 1.28.0, < 2.0)
      ruby-progressbar (~> 1.7)
      unicode-display_width (>= 2.4.0, < 3.0)
    rubocop-ast (1.28.0)
      parser (>= 3.2.1.0)
    ruby-progressbar (1.13.0)
    ruby2_keywords (0.0.5)
    rufus-lua (1.1.5)
      ffi (~> 1.9)
    sass (3.7.4)
      sass-listen (~> 4.0.0)
    sass-listen (4.0.0)
      rb-fsevent (~> 0.9, >= 0.9.4)
      rb-inotify (~> 0.9, >= 0.9.7)
    sassc (2.4.0)
      ffi (~> 1.9)
    sinatra (3.1.0)
      mustermann (~> 3.0)
      rack (~> 2.2, >= 2.2.4)
      rack-protection (= 3.1.0)
      tilt (~> 2.0)
    sinatra-contrib (3.1.0)
      multi_json
      mustermann (~> 3.0)
      rack-protection (= 3.1.0)
      sinatra (= 3.1.0)
      tilt (~> 2.0)
    sinatra-static-assets (1.0.4)
      sinatra (>= 1.1.0)
    sorbet (0.5.10940)
      sorbet-static (= 0.5.10940)
    sorbet-runtime (0.5.11054)
    sorbet-static (0.5.10940-universal-darwin-22)
    sorbet-static (0.5.10940-x86_64-linux)
    sprockets (3.7.2)
      concurrent-ruby (~> 1.0)
      rack (> 1, < 3)
    sprockets-helpers (1.4.0)
      sprockets (>= 2.2)
    tilt (2.3.0)
    unicode-display_width (2.4.2)
    yard (0.9.34)
    yard-link_stdlib (0.1.7)
      yard

PLATFORMS
  x86_64-darwin-22
  x86_64-linux

DEPENDENCIES
  httparty (~> 0.21.0)
  markaby (~> 0.9.0)
  puma (~> 6.4.0)
  rack (~> 2.2.4)
  rack-brotli (~> 1.2.0)
  rake (~> 13.0.6)
  rubocop
  rufus-lua (~> 1.1.5)
  sassc (~> 2.4.0)
  sinatra (~> 3.1.0)
  sinatra-asset-pipeline (~> 2.2.1)!
  sinatra-contrib (~> 3.1.0)
  sinatra-static-assets (~> 1.0.4)
  sorbet (~> 0.5.1000)
  sorbet-runtime (~> 0.5.1000)
  yard (~> 0.9.34)
  yard-link_stdlib (~> 0.1.7)

RUBY VERSION
   ruby 3.2.2p53

BUNDLED WITH
   2.4.10
