GEM
  remote: https://rubygems.org/
  specs:
    ast (2.4.2)
    builder (3.2.4)
    ffi (1.16.2)
    httparty (0.21.0)
      mini_mime (>= 1.0.0)
      multi_xml (>= 0.5.2)
    json (2.6.3)
    markaby (0.9.0)
      builder
    mini_mime (1.1.2)
    multi_xml (0.6.0)
    parallel (1.23.0)
    parser (3.2.2.3)
      ast (~> 2.4.1)
      racc
    racc (1.7.1)
    rainbow (3.1.1)
    regexp_parser (2.8.0)
    rexml (3.2.5)
    rubocop (1.50.2)
      json (~> 2.3)
      parallel (~> 1.10)
      parser (>= 3.2.0.0)
      rainbow (>= 2.2.2, < 4.0)
      regexp_parser (>= 1.8, < 3.0)
      rexml (>= 3.2.5, < 4.0)
      rubocop-ast (>= 1.28.0, < 2.0)
      ruby-progressbar (~> 1.7)
      unicode-display_width (>= 2.4.0, < 3.0)
    rubocop-ast (1.28.0)
      parser (>= 3.2.1.0)
    ruby-progressbar (1.13.0)
    rufus-lua (1.1.5)
      ffi (~> 1.9)
    sorbet (0.5.10940)
      sorbet-static (= 0.5.10940)
    sorbet-runtime (0.5.11054)
    sorbet-static (0.5.10940-universal-darwin-22)
    sorbet-static (0.5.10940-x86_64-linux)
    unicode-display_width (2.4.2)
    yard (0.9.36)
    yard-link_stdlib (0.1.7)
      yard

PLATFORMS
  x86_64-darwin-22
  x86_64-linux

DEPENDENCIES
  httparty (~> 0.21.0)
  markaby (~> 0.9.0)
  rubocop
  rufus-lua (~> 1.1.5)
  sorbet (~> 0.5.1000)
  sorbet-runtime (~> 0.5.1000)
  yard (~> 0.9.36)
  yard-link_stdlib (~> 0.1.7)

RUBY VERSION
   ruby 3.2.2p53

BUNDLED WITH
   2.4.10
