GIT
  remote: https://github.com/ShreyanJain9/sinatra-asset-pipeline.git
  revision: 1e748f63abc10b9622bef9d3a89c7b0639e877d5
  specs:
    sinatra-asset-pipeline (2.2.1)
      coffee-script (~> 2.4)
      rake (>= 12.3, < 14)
      sass (~> 3.5)
      sinatra (~> 3.1.0)
      sprockets (~> 3.7)
      sprockets-helpers (~> 1.2)

GEM
  remote: https://rubygems.org/
  specs:
    brotli (0.4.0)
    builder (3.2.4)
    coffee-script (2.4.1)
      coffee-script-source
      execjs
    coffee-script-source (1.12.2)
    concurrent-ruby (1.2.2)
    execjs (2.9.1)
    ffi (1.16.2)
    httparty (0.21.0)
      mini_mime (>= 1.0.0)
      multi_xml (>= 0.5.2)
    markaby (0.9.0)
      builder
    mini_mime (1.1.2)
    multi_json (1.15.0)
    multi_xml (0.6.0)
    mustermann (3.0.0)
      ruby2_keywords (~> 0.0.1)
    nio4r (2.5.9)
    puma (6.4.0)
      nio4r (~> 2.0)
    rack (2.2.7)
    rack-brotli (1.2.0)
      brotli (>= 0.1.7)
      rack (>= 1.4)
    rack-protection (3.1.0)
      rack (~> 2.2, >= 2.2.4)
    rake (13.0.6)
    rb-fsevent (0.11.2)
    rb-inotify (0.10.1)
      ffi (~> 1.0)
    ruby2_keywords (0.0.5)
    sass (3.7.4)
      sass-listen (~> 4.0.0)
    sass-listen (4.0.0)
      rb-fsevent (~> 0.9, >= 0.9.4)
      rb-inotify (~> 0.9, >= 0.9.7)
    sassc (2.4.0)
      ffi (~> 1.9)
    sinatra (3.1.0)
      mustermann (~> 3.0)
      rack (~> 2.2, >= 2.2.4)
      rack-protection (= 3.1.0)
      tilt (~> 2.0)
    sinatra-contrib (3.1.0)
      multi_json
      mustermann (~> 3.0)
      rack-protection (= 3.1.0)
      sinatra (= 3.1.0)
      tilt (~> 2.0)
    sinatra-static-assets (1.0.4)
      sinatra (>= 1.1.0)
    sprockets (3.7.2)
      concurrent-ruby (~> 1.0)
      rack (> 1, < 3)
    sprockets-helpers (1.4.0)
      sprockets (>= 2.2)
    tilt (2.3.0)

PLATFORMS
  x86_64-darwin-22
  x86_64-linux

DEPENDENCIES
  httparty (~> 0.21.0)
  markaby (~> 0.9.0)
  puma (~> 6.4.0)
  rack (~> 2.2.4)
  rack-brotli (~> 1.2.0)
  rake (~> 13.0.6)
  sassc (~> 2.4.0)
  sinatra (~> 3.1.0)
  sinatra-asset-pipeline (~> 2.2.1)!
  sinatra-contrib (~> 3.1.0)
  sinatra-static-assets (~> 1.0.4)

RUBY VERSION
   ruby 3.2.2p53

BUNDLED WITH
   2.4.10
